GEM
  remote: https://rubygems.org/
  specs:
    aggregate (0.2.2)
    faraday (0.8.8)
      multipart-post (~> 1.2.0)
    librato-metrics (1.1.1)
      aggregate (~> 0.2.2)
      faraday (~> 0.7)
      multi_json
    librato-rack (0.4.3)
      librato-metrics (~> 1.1.1)
    multi_json (1.8.2)
    multipart-post (1.2.0)
    puma (2.6.0)
      rack (>= 1.1, < 2.0)
    rack (1.5.2)
    rack-protection (1.5.1)
      rack
    rack-ssl (1.3.3)
      rack
    sinatra (1.4.4)
      rack (~> 1.4)
      rack-protection (~> 1.4)
      tilt (~> 1.3, >= 1.3.4)
    tilt (1.4.1)

PLATFORMS
  ruby

DEPENDENCIES
  librato-rack
  puma
  rack-ssl
  sinatra
